GEM
  remote: https://rubygems.org/
  specs:
    minitest (5.20.0)
    yard (0.9.34)

PLATFORMS
  x86_64-linux

DEPENDENCIES
  minitest (~> 5.20)
  yard (~> 0.9.34)

BUNDLED WITH
   2.4.20
